GEM
  remote: http://rubygems.org/
  specs:
    dotenv (2.2.0)
    eventmachine (1.2.5)
    faraday (0.11.0)
      multipart-post (>= 1.2, < 3)
    faye-websocket (0.10.7)
      eventmachine (>= 0.12.0)
      websocket-driver (>= 0.5.1)
    http_router (0.11.2)
      rack (>= 1.0.0)
      url_mount (~> 0.2.1)
    i18n (0.8.1)
    ice_nine (0.11.2)
    lita (4.7.1)
      bundler (>= 1.3)
      faraday (>= 0.8.7)
      http_router (>= 0.11.2)
      i18n (>= 0.6.9)
      ice_nine (>= 0.11.0)
      multi_json (>= 1.7.7)
      puma (>= 2.7.1)
      rack (>= 1.5.2, < 2.0.0)
      rb-readline (>= 0.5.1)
      redis-namespace (>= 1.3.0)
      thor (>= 0.18.1)
    lita-eightball (1.0.4)
      lita (>= 2.0)
    lita-inspirebot (0.0.3)
      lita (>= 4.0)
    lita-slack (1.8.0)
      eventmachine
      faraday
      faye-websocket (>= 0.8.0)
      lita (>= 4.7.1)
      multi_json
    lita_dotenv (0.0.3)
      dotenv (~> 2, >= 2.1.1)
      lita (~> 4, >= 4.4.3)
    multi_json (1.12.1)
    multipart-post (2.0.0)
    puma (3.8.2)
    rack (1.6.5)
    rb-readline (0.5.4)
    redis (3.3.3)
    redis-namespace (1.5.3)
      redis (~> 3.0, >= 3.0.4)
    thor (0.19.4)
    url_mount (0.2.1)
      rack
    websocket-driver (0.7.0)
      websocket-extensions (>= 0.1.0)
    websocket-extensions (0.1.2)

PLATFORMS
  ruby

DEPENDENCIES
  lita
  lita-eightball
  lita-inspirebot
  lita-slack
  lita_dotenv (>= 0.0.3)

BUNDLED WITH
   1.13.7
